GEM
  remote: https://rubygems.org/
  specs:
    async (2.3.1)
      console (~> 1.10)
      io-event (~> 1.1)
      timers (~> 4.1)
    async-http (0.60.1)
      async (>= 1.25)
      async-io (>= 1.28)
      async-pool (>= 0.2)
      protocol-http (~> 0.24.0)
      protocol-http1 (~> 0.15.0)
      protocol-http2 (~> 0.15.0)
      traces (>= 0.8.0)
    async-io (1.34.3)
      async
    async-pool (0.3.12)
      async (>= 1.25)
    coderay (1.1.3)
    console (1.16.2)
      fiber-local
    diff-lcs (1.5.0)
    fiber-local (1.0.0)
    io-event (1.1.4)
    localhost (1.1.10)
    method_source (1.0.0)
    minitest (5.18.0)
    prettier_print (1.2.0)
    protocol-hpack (1.4.2)
    protocol-http (0.24.1)
    protocol-http1 (0.15.0)
      protocol-http (~> 0.22)
    protocol-http2 (0.15.1)
      protocol-hpack (~> 1.4)
      protocol-http (~> 0.18)
    pry (0.14.1)
      coderay (~> 1.1)
      method_source (~> 1.0)
    syntax_tree (5.1.0)
      prettier_print (>= 1.2.0)
    syntax_tree-xml (0.1.0)
      prettier_print
      syntax_tree (>= 2.0.1)
    timers (4.3.5)
    traces (0.8.0)

PLATFORMS
  x86_64-darwin-20
  x86_64-linux

DEPENDENCIES
  async (~> 2.3)
  async-http (~> 0.60.1)
  async-io (~> 1.34)
  diff-lcs (~> 1.5)
  localhost (~> 1.1)
  minitest (~> 5.18)
  pry (~> 0.14.1)
  syntax_tree (~> 5.1)
  syntax_tree-xml (~> 0.1.0)

BUNDLED WITH
   2.4.1
